GEM
  remote: https://rubygems.org/
  specs:
    byebug (11.1.3)
    nokogiri (1.11.1-x86_64-linux)
      racc (~> 1.4)
    racc (1.5.2)
    sqlite3 (1.4.2)

PLATFORMS
  x86_64-linux

DEPENDENCIES
  byebug
  nokogiri (>= 1.6.7.rc)
  sqlite3

BUNDLED WITH
   2.2.6
